GIT
  remote: https://github.com/robins35/sprockets-browserify.git
  revision: c4464975a81c8004dbe174a7200955c325ac179d
  specs:
    sprockets-browserify (0.3.0)

GEM
  remote: https://rubygems.org/
  specs:
    babel-source (5.8.35)
    babel-transpiler (0.7.0)
      babel-source (>= 4.0, < 6)
      execjs (~> 2.0)
    byebug (8.2.2)
    coderay (1.1.1)
    concurrent-ruby (1.0.0)
    execjs (2.6.0)
    ffi (1.9.10)
    haml (4.0.7)
      tilt
    listen (3.0.6)
      rb-fsevent (>= 0.9.3)
      rb-inotify (>= 0.9.7)
    method_source (0.8.2)
    pry (0.10.3)
      coderay (~> 1.1.0)
      method_source (~> 0.8.1)
      slop (~> 3.4)
    pry-byebug (3.3.0)
      byebug (~> 8.0)
      pry (~> 0.10)
    pry-rails (0.3.4)
      pry (>= 0.9.10)
    rack (1.6.4)
    rb-fsevent (0.9.7)
    rb-inotify (0.9.7)
      ffi (>= 0.5.0)
    rerun (0.11.0)
      listen (~> 3.0)
    slop (3.6.0)
    sprockets (3.5.2)
      concurrent-ruby (~> 1.0)
      rack (> 1, < 3)
    sprockets-es6 (0.9.0)
      babel-source (>= 5.8.11)
      babel-transpiler
      sprockets (>= 3.0.0)
    tilt (2.0.2)

PLATFORMS
  ruby

DEPENDENCIES
  haml
  pry-byebug
  pry-rails
  rerun
  sprockets
  sprockets-browserify!
  sprockets-es6

BUNDLED WITH
   1.11.2
