GIT
  remote: https://github.com/alexch/rerun
  revision: 3e4c486304be406cb86180ef70ec24e9ae055ce4
  specs:
    rerun (0.11.0)
      listen (~> 3.0)

GEM
  remote: https://rubygems.org/
  specs:
    coderay (1.1.1)
    ffi (1.9.10)
    haml (4.0.7)
      tilt
    listen (3.0.6)
      rb-fsevent (>= 0.9.3)
      rb-inotify (>= 0.9.7)
    method_source (0.8.2)
    pry (0.10.3)
      coderay (~> 1.1.0)
      method_source (~> 0.8.1)
      slop (~> 3.4)
    pry-rails (0.3.4)
      pry (>= 0.9.10)
    pry-remote (0.1.8)
      pry (~> 0.9)
      slop (~> 3.0)
    rb-fsevent (0.9.7)
    rb-inotify (0.9.7)
      ffi (>= 0.5.0)
    sass (3.4.21)
    slop (3.6.0)
    tilt (2.0.2)

PLATFORMS
  ruby

DEPENDENCIES
  haml
  pry-rails
  pry-remote
  rerun!
  sass

BUNDLED WITH
   1.11.2
